PATH
  remote: .
  specs:
    css_parser (1.9.0)
      addressable

GEM
  remote: https://rubygems.org/
  specs:
    addressable (2.8.7)
      public_suffix (>= 2.0.2, < 7.0)
    ast (2.4.1)
    benchmark-ips (2.8.4)
    bump (0.10.0)
    maxitest (3.6.0)
      minitest (>= 5.0.0, < 5.14.0)
    memory_profiler (1.0.0)
    minitest (5.12.0)
    parallel (1.20.1)
    parser (3.0.0.0)
      ast (~> 2.4.1)
    public_suffix (5.1.1)
    rainbow (3.0.0)
    rake (13.0.3)
    regexp_parser (2.0.3)
    rexml (3.2.4)
    rubocop (1.8.0)
      parallel (~> 1.10)
      parser (>= 3.0.0.0)
      rainbow (>= 2.2.2, < 4.0)
      regexp_parser (>= 1.8, < 3.0)
      rexml
      rubocop-ast (>= 1.2.0, < 2.0)
      ruby-progressbar (~> 1.7)
      unicode-display_width (>= 1.4.0, < 3.0)
    rubocop-ast (1.4.0)
      parser (>= 2.7.1.5)
    rubocop-rake (0.5.1)
      rubocop
    ruby-progressbar (1.11.0)
    unicode-display_width (2.0.0)
    webrick (1.7.0)

PLATFORMS
  java
  ruby

DEPENDENCIES
  benchmark-ips
  bump
  css_parser!
  maxitest
  memory_profiler
  rake
  rubocop (~> 1.8)
  rubocop-rake
  webrick

BUNDLED WITH
   2.1.4
